GEM
  remote: https://rubygems.org/
  specs:
    ansi (1.5.0)
    builder (3.3.0)
    gosu (1.4.6)
    minitest (5.25.1)
    minitest-reporters (1.7.1)
      ansi
      builder
      minitest (>= 5.0)
      ruby-progressbar
    mocha (2.4.5)
      ruby2_keywords (>= 0.0.5)
    ruby-progressbar (1.13.0)
    ruby2_keywords (0.0.5)

PLATFORMS
  -darwin-23

DEPENDENCIES
  gosu
  minitest
  minitest-reporters
  mocha

BUNDLED WITH
   2.4.19
